GEM
  remote: https://rubygems.org/
  specs:
    gosu (0.13.3)
    pkg-config (1.5.5)
    rmagick (5.3.0)
      pkg-config (~> 1.4)

PLATFORMS
  ruby

DEPENDENCIES
  gosu (~> 0.13.3)
  rmagick (~> 5.3.0)

BUNDLED WITH
   1.17.3
