GEM
  remote: https://rubygems.org/
  specs:
    cri (2.1.0)
    faster_xml_simple (0.5.0)
      libxml-ruby (>= 0.3.8.4)
    gosu (0.13.3)
    httpclient (2.8.3)
    json (2.1.0)
    libxml-ruby (3.1.0)
    mini_portile2 (2.4.0)
    net-github-upload (0.0.8)
      faster_xml_simple
      httpclient
      json
      nokogiri (>= 1.4.0)
    nokogiri (1.10.9)
      mini_portile2 (~> 2.4.0)
    ocra (1.3.10)
    rake (0.9.2.2)
    releasy (0.2.2)
      cri (~> 2.1.0)
      net-github-upload (~> 0.0.8)
      ocra (~> 1.3.0)
      rake (~> 0.9.2.2)
      thor (~> 0.14.6)
    rmagick (2.16.0)
    thor (0.14.6)

PLATFORMS
  ruby

DEPENDENCIES
  gosu (~> 0.13.3)
  releasy (~> 0.2.2)
  rmagick (~> 2.16.0)

BUNDLED WITH
   1.16.5
