GEM
  remote: https://rubygems.org/
  specs:
    gosu (0.13.3)
    rmagick (2.16.0)

PLATFORMS
  ruby

DEPENDENCIES
  gosu (~> 0.13.3)
  rmagick (~> 2.16.0)

BUNDLED WITH
   1.17.3
